PATH
  remote: .
  specs:
    lumberjack (1.1.1)

GEM
  remote: https://rubygems.org/
  specs:
    appraisal (2.2.0)
      bundler
      rake
      thor (>= 0.14.0)
    diff-lcs (1.3)
    rake (13.0.1)
    rspec (3.9.0)
      rspec-core (~> 3.9.0)
      rspec-expectations (~> 3.9.0)
      rspec-mocks (~> 3.9.0)
    rspec-core (3.9.1)
      rspec-support (~> 3.9.1)
    rspec-expectations (3.9.0)
      diff-lcs (>= 1.2.0, < 2.0)
      rspec-support (~> 3.9.0)
    rspec-mocks (3.9.1)
      diff-lcs (>= 1.2.0, < 2.0)
      rspec-support (~> 3.9.0)
    rspec-support (3.9.2)
    thor (1.0.1)
    timecop (0.9.1)

PLATFORMS
  java
  ruby

DEPENDENCIES
  appraisal
  lumberjack!
  rake
  rspec (~> 3.0)
  timecop

BUNDLED WITH
   1.17.2
